GEM
  remote: https://rubygems.org/
  specs:
    rack-timeout (0.6.0)

PLATFORMS
  x86_64-darwin-20

DEPENDENCIES
  rack-timeout

BUNDLED WITH
   2.2.23
